GEM
  remote: https://rubygems.org/
  specs:
    cpf_cnpj (0.5.0)
    os (1.1.1)

PLATFORMS
  x64-mingw32

DEPENDENCIES
  cpf_cnpj
  os

BUNDLED WITH
   2.2.15
